REDIRECTS: ON
FRAMEWORK: >= NET45
NUGET
  remote: http://api.nuget.org/v3/index.json
  specs:
    FAKE (4.39.1)
    FParsec (1.0.2)
    FSharp.Core (4.0.0.1) - redirects: force
    Hopac (0.3.15)
    log4net (2.0.5)
    Logary (4.0.112)
      FParsec (>= 1.0.2)
      FSharp.Core (>= 4.0.0.1)
      Hopac (>= 0.3.13)
      NodaTime (>= 1.3.2)
    Logary.CSharp (4.0.112)
      FSharp.Core (>= 4.0.0.1)
      Hopac (>= 0.3.13)
      Logary (>= 4.0.112)
      NodaTime (>= 1.3.2)
    NLog (4.3.8)
    NodaTime (1.3.2)
    NUnit (2.6.4)
    NUnit.Runners (2.6.4)
